GEM
  remote: https://rubygems.org/
  specs:
    diff-lcs (1.2.5)
    hoe (3.12.0)
      rake (>= 0.8, < 11.0)
    rake (10.3.2)
    rbx-require-relative (0.0.9)
    rspec (3.0.0)
      rspec-core (~> 3.0.0)
      rspec-expectations (~> 3.0.0)
      rspec-mocks (~> 3.0.0)
    rspec-core (3.0.3)
      rspec-support (~> 3.0.0)
    rspec-expectations (3.0.3)
      diff-lcs (>= 1.2.0, < 2.0)
      rspec-support (~> 3.0.0)
    rspec-mocks (3.0.3)
      rspec-support (~> 3.0.0)
    rspec-support (3.0.3)

PLATFORMS
  ruby

DEPENDENCIES
  hoe
  rake
  rbx-require-relative
  rspec
